GIT
  remote: https://github.com/CDLUC3/uc3-ssm.git
  revision: 2598c8addb184c67e7beb9db51c0e42a0cb1b540
  tag: 1.0.6
  specs:
    uc3-ssm (1.0.3)

GEM
  remote: https://rubygems.org/
  specs:
    addressable (2.8.7)
      public_suffix (>= 2.0.2, < 7.0)
    ast (2.4.3)
    aws-eventstream (1.3.2)
    aws-partitions (1.1103.0)
    aws-sdk-core (3.224.0)
      aws-eventstream (~> 1, >= 1.3.0)
      aws-partitions (~> 1, >= 1.992.0)
      aws-sigv4 (~> 1.9)
      base64
      jmespath (~> 1, >= 1.6.1)
      logger
    aws-sdk-ssm (1.194.0)
      aws-sdk-core (~> 3, >= 3.216.0)
      aws-sigv4 (~> 1.5)
    aws-sigv4 (1.11.0)
      aws-eventstream (~> 1, >= 1.0.2)
    base64 (0.2.0)
    byebug (12.0.0)
    capybara (3.40.0)
      addressable
      matrix
      mini_mime (>= 0.1.3)
      nokogiri (~> 1.11)
      rack (>= 1.6.0)
      rack-test (>= 0.6.3)
      regexp_parser (>= 1.5, < 3.0)
      xpath (~> 3.2)
    capybara-webmock (0.7.0)
      capybara (>= 2.4, < 4)
      rack (>= 1.4)
      rack-proxy (>= 0.6.0)
      rexml (>= 3.2)
      selenium-webdriver (>= 4.0)
      webrick (>= 1.7)
    colorize (1.1.0)
    diff-lcs (1.6.2)
    jmespath (1.6.2)
    json (2.12.0)
    language_server-protocol (3.17.0.5)
    lint_roller (1.1.0)
    logger (1.7.0)
    matrix (0.4.2)
    mini_mime (1.1.5)
    mini_portile2 (2.8.9)
    nokogiri (1.18.8)
      mini_portile2 (~> 2.8.2)
      racc (~> 1.4)
    nokogiri (1.18.8-x86_64-linux-gnu)
      racc (~> 1.4)
    parallel (1.27.0)
    parser (3.3.8.0)
      ast (~> 2.4.1)
      racc
    prism (1.4.0)
    public_suffix (6.0.2)
    racc (1.8.1)
    rack (3.1.14)
    rack-proxy (0.7.7)
      rack
    rack-test (2.2.0)
      rack (>= 1.3)
    rainbow (3.1.1)
    regexp_parser (2.10.0)
    rexml (3.4.1)
    rspec (3.13.0)
      rspec-core (~> 3.13.0)
      rspec-expectations (~> 3.13.0)
      rspec-mocks (~> 3.13.0)
    rspec-core (3.13.3)
      rspec-support (~> 3.13.0)
    rspec-expectations (3.13.4)
      diff-lcs (>= 1.2.0, < 2.0)
      rspec-support (~> 3.13.0)
    rspec-mocks (3.13.4)
      diff-lcs (>= 1.2.0, < 2.0)
      rspec-support (~> 3.13.0)
    rspec-support (3.13.3)
    rubocop (1.75.5)
      json (~> 2.3)
      language_server-protocol (~> 3.17.0.2)
      lint_roller (~> 1.1.0)
      parallel (~> 1.10)
      parser (>= 3.3.0.2)
      rainbow (>= 2.2.2, < 4.0)
      regexp_parser (>= 2.9.3, < 3.0)
      rubocop-ast (>= 1.44.0, < 2.0)
      ruby-progressbar (~> 1.7)
      unicode-display_width (>= 2.4.0, < 4.0)
    rubocop-ast (1.44.1)
      parser (>= 3.3.7.2)
      prism (~> 1.4)
    ruby-progressbar (1.13.0)
    rubyzip (2.4.1)
    selenium-webdriver (4.32.0)
      base64 (~> 0.2)
      logger (~> 1.4)
      rexml (~> 3.2, >= 3.2.5)
      rubyzip (>= 1.2.2, < 3.0)
      websocket (~> 1.0)
    unicode-display_width (3.1.4)
      unicode-emoji (~> 4.0, >= 4.0.4)
    unicode-emoji (4.0.4)
    webrick (1.9.1)
    websocket (1.2.11)
    xpath (3.2.0)
      nokogiri (~> 1.8)

PLATFORMS
  ruby
  x86_64-linux

DEPENDENCIES
  aws-sdk-ssm
  base64
  byebug
  capybara
  capybara-webmock
  colorize
  nokogiri
  rspec
  rubocop
  selenium-webdriver (>= 4.16)
  uc3-ssm!

BUNDLED WITH
   2.6.8
